GEM
  remote: https://rubygems.org/
  specs:
    amq-protocol (2.3.0)
    bunny (2.14.1)
      amq-protocol (~> 2.3, >= 2.3.0)
    coderay (1.1.2)
    concurrent-ruby (1.1.5)
    diff-lcs (1.3)
    method_source (0.9.2)
    multi_json (1.13.1)
    oj (3.7.10)
    pg (1.1.4)
    pry (0.12.2)
      coderay (~> 1.1.0)
      method_source (~> 0.9.0)
    rake (12.3.2)
    rollbar (2.19.2)
      multi_json
    rspec (3.8.0)
      rspec-core (~> 3.8.0)
      rspec-expectations (~> 3.8.0)
      rspec-mocks (~> 3.8.0)
    rspec-core (3.8.0)
      rspec-support (~> 3.8.0)
    rspec-expectations (3.8.2)
      diff-lcs (>= 1.2.0, < 2.0)
      rspec-support (~> 3.8.0)
    rspec-mocks (3.8.0)
      diff-lcs (>= 1.2.0, < 2.0)
      rspec-support (~> 3.8.0)
    rspec-support (3.8.0)
    sequel (5.18.0)

PLATFORMS
  ruby

DEPENDENCIES
  bunny (~> 2.14)
  concurrent-ruby (~> 1.1)
  oj (~> 3.7)
  pg (~> 1.1)
  pry (~> 0.11)
  rake (~> 12.3)
  rollbar (~> 2.17)
  rspec (~> 3.0)
  sequel (~> 5.18)

RUBY VERSION
   ruby 2.6.2p47

BUNDLED WITH
   1.17.3
